GEM
  remote: https://rubygems.org/
  specs:
    nestedtext (0.5.0)

PLATFORMS
  x86_64-darwin-21

DEPENDENCIES
  nestedtext (~> 0.1)

BUNDLED WITH
   2.3.3
